PATH
  remote: .
  specs:
    HelloAdamRuby (0.1.0)

GEM
  remote: https://rubygems.org/
  specs:
    minitest (5.14.1)
    rake (13.0.1)

PLATFORMS
  ruby

DEPENDENCIES
  HelloAdamRuby!
  minitest (~> 5.0)
  rake (~> 13.0)

BUNDLED WITH
   2.2.0.rc.1
